GEM
  remote: https://rubygems.org/
  specs:
    mustache (1.0.5)

PLATFORMS
  ruby

DEPENDENCIES
  mustache (~> 1.0)

BUNDLED WITH
   1.13.7
